PATH
  remote: ../hailstorm-gem
  specs:
    hailstorm (5.0.0-java)
      actionpack (= 4.2.8)
      activerecord (= 4.2.8)
      activerecord-jdbc-adapter (~> 1.3)
      aws-sdk (= 1.57.0)
      bouncy-castle-java (= 1.5.0146.1)
      haikunator (= 1.1.0)
      httparty (= 0.13.1)
      i18n (~> 0.7)
      jruby-openssl (~> 0.9)
      net-sftp (= 2.1.2)
      net-ssh (~> 4.2)
      nokogiri (~> 1.6.3.1)
      rubyzip (= 1.2.1)
      terminal-table (= 1.4.5)

GEM
  remote: https://rubygems.org/
  specs:
    actionpack (4.2.8)
      actionview (= 4.2.8)
      activesupport (= 4.2.8)
      rack (~> 1.6)
      rack-test (~> 0.6.2)
      rails-dom-testing (~> 1.0, >= 1.0.5)
      rails-html-sanitizer (~> 1.0, >= 1.0.2)
    actionview (4.2.8)
      activesupport (= 4.2.8)
      builder (~> 3.1)
      erubis (~> 2.7.0)
      rails-dom-testing (~> 1.0, >= 1.0.5)
      rails-html-sanitizer (~> 1.0, >= 1.0.3)
    activemodel (4.2.8)
      activesupport (= 4.2.8)
      builder (~> 3.1)
    activerecord (4.2.8)
      activemodel (= 4.2.8)
      activesupport (= 4.2.8)
      arel (~> 6.0)
    activerecord-jdbc-adapter (1.3.25)
      activerecord (>= 2.2, < 5.0)
    activesupport (4.2.8)
      i18n (~> 0.7)
      minitest (~> 5.1)
      thread_safe (~> 0.3, >= 0.3.4)
      tzinfo (~> 1.1)
    arel (6.0.4)
    aws-sdk (1.57.0)
      aws-sdk-v1 (= 1.57.0)
    aws-sdk-v1 (1.57.0)
      json (~> 1.4)
      nokogiri (>= 1.4.4)
    bouncy-castle-java (1.5.0146.1)
    builder (3.2.4)
    concurrent-ruby (1.1.5)
    crass (1.0.5)
    erubis (2.7.0)
    ffi (1.11.3-java)
    haikunator (1.1.0)
    httparty (0.13.1)
      json (~> 1.8)
      multi_xml (>= 0.5.2)
    i18n (0.9.5)
      concurrent-ruby (~> 1.0)
    jruby-openssl (0.10.2-java)
    json (1.8.6-java)
    listen (3.2.1)
      rb-fsevent (~> 0.10, >= 0.10.3)
      rb-inotify (~> 0.9, >= 0.9.10)
    loofah (2.4.0)
      crass (~> 1.0.2)
      nokogiri (>= 1.5.9)
    minitest (5.13.0)
    multi_xml (0.6.0)
    net-sftp (2.1.2)
      net-ssh (>= 2.6.5)
    net-ssh (4.2.0)
    nio4r (2.5.2-java)
    nokogiri (1.6.3.1-java)
    puma (4.3.1-java)
      nio4r (~> 2.0)
    rack (1.6.11)
    rack-protection (1.5.5)
      rack
    rack-test (0.6.3)
      rack (>= 1.0)
    rails-deprecated_sanitizer (1.0.3)
      activesupport (>= 4.2.0.alpha)
    rails-dom-testing (1.0.9)
      activesupport (>= 4.2.0, < 5.0)
      nokogiri (~> 1.6)
      rails-deprecated_sanitizer (>= 1.0.1)
    rails-html-sanitizer (1.3.0)
      loofah (~> 2.3)
    rb-fsevent (0.10.3)
    rb-inotify (0.10.0)
      ffi (~> 1.0)
    rerun (0.13.0)
      listen (~> 3.0)
    rubyzip (1.2.1)
    sinatra (1.4.8)
      rack (~> 1.5)
      rack-protection (~> 1.4)
      tilt (>= 1.3, < 3)
    terminal-table (1.4.5)
    thread_safe (0.3.6-java)
    tilt (2.0.10)
    tzinfo (1.2.5)
      thread_safe (~> 0.1)

PLATFORMS
  java

DEPENDENCIES
  hailstorm!
  puma
  rerun
  sinatra (~> 1.4)

BUNDLED WITH
   2.0.2
