PATH
  remote: .
  specs:
    hailstorm (3.7.3-java)
      actionpack (= 3.2.8)
      activerecord (= 3.2.8)
      activerecord-jdbc-adapter (= 1.2.7)
      aws-sdk (= 1.6.4)
      bouncy-castle-java (= 1.5.0146.1)
      httparty (= 0.10.2)
      i18n (= 0.6.0)
      jruby-openssl (= 0.7.4)
      net-sftp (= 2.1.1)
      net-ssh (= 2.6.6)
      nokogiri (~> 1.6.1)
      rubyzip (= 0.9.9)
      terminal-table (= 1.4.5)

GEM
  remote: https://rubygems.org/
  specs:
    actionpack (3.2.8)
      activemodel (= 3.2.8)
      activesupport (= 3.2.8)
      builder (~> 3.0.0)
      erubis (~> 2.7.0)
      journey (~> 1.0.4)
      rack (~> 1.4.0)
      rack-cache (~> 1.2)
      rack-test (~> 0.6.1)
      sprockets (~> 2.1.3)
    activemodel (3.2.8)
      activesupport (= 3.2.8)
      builder (~> 3.0.0)
    activerecord (3.2.8)
      activemodel (= 3.2.8)
      activesupport (= 3.2.8)
      arel (~> 3.0.2)
      tzinfo (~> 0.3.29)
    activerecord-jdbc-adapter (1.2.7)
    activerecord-jdbcmysql-adapter (1.2.7)
      activerecord-jdbc-adapter (~> 1.2.7)
      jdbc-mysql (~> 5.1.0)
    activesupport (3.2.8)
      i18n (~> 0.6)
      multi_json (~> 1.0)
    arel (3.0.3)
    aws-sdk (1.6.4)
      httparty (~> 0.7)
      json (~> 1.4)
      nokogiri (>= 1.4.4)
      uuidtools (~> 2.1)
    bouncy-castle-java (1.5.0146.1)
    builder (3.0.4)
    cucumber (1.2.5)
      builder (>= 2.1.2)
      diff-lcs (>= 1.1.3)
      gherkin (~> 2.11.7)
      multi_json (~> 1.3)
    diff-lcs (1.2.5)
    erubis (2.7.0)
    gherkin (2.11.8-java)
      multi_json (~> 1.3)
    hike (1.2.3)
    httparty (0.10.2)
      multi_json (~> 1.0)
      multi_xml (>= 0.5.2)
    i18n (0.6.0)
    jdbc-mysql (5.1.33)
    journey (1.0.4)
    jruby-openssl (0.7.4)
      bouncy-castle-java
    json (1.8.1-java)
    multi_json (1.10.1)
    multi_xml (0.5.5)
    net-sftp (2.1.1)
      net-ssh (>= 2.6.5)
    net-ssh (2.6.6)
    nokogiri (1.6.3.1-java)
    rack (1.4.5)
    rack-cache (1.2)
      rack (>= 0.4)
    rack-test (0.6.2)
      rack (>= 1.0)
    rspec (2.13.0)
      rspec-core (~> 2.13.0)
      rspec-expectations (~> 2.13.0)
      rspec-mocks (~> 2.13.0)
    rspec-core (2.13.1)
    rspec-expectations (2.13.0)
      diff-lcs (>= 1.1.3, < 2.0)
    rspec-mocks (2.13.1)
    rubyzip (0.9.9)
    sprockets (2.1.3)
      hike (~> 1.2)
      rack (~> 1.0)
      tilt (~> 1.1, != 1.3.0)
    terminal-table (1.4.5)
    tilt (1.4.1)
    tzinfo (0.3.41)
    uuidtools (2.1.5)

PLATFORMS
  java

DEPENDENCIES
  activerecord-jdbcmysql-adapter (= 1.2.7)
  cucumber (~> 1.2.3)
  hailstorm!
  rspec (~> 2.13.0)
