PATH
  remote: .
  specs:
    demosidekiq (0.0.1)

PATH
  remote: hailstorm-gem
  specs:
    hailstorm (4.0.0-java)
      actionpack (= 4.1.6)
      activerecord (= 4.1.6)
      activerecord-jdbc-adapter (= 1.3.11)
      aws-sdk (= 1.57.0)
      bouncy-castle-java (= 1.5.0146.1)
      httparty (= 0.13.1)
      i18n (= 0.6.11)
      jruby-openssl (= 0.9.5)
      net-sftp (= 2.1.2)
      net-ssh (= 2.9.1)
      nokogiri (~> 1.6.3.1)
      rubyzip (= 1.1.6)
      terminal-table (= 1.4.5)

GEM
  remote: https://rubygems.org/
  specs:
    actionpack (4.1.6)
      actionview (= 4.1.6)
      activesupport (= 4.1.6)
      rack (~> 1.5.2)
      rack-test (~> 0.6.2)
    actionview (4.1.6)
      activesupport (= 4.1.6)
      builder (~> 3.1)
      erubis (~> 2.7.0)
    activemodel (4.1.6)
      activesupport (= 4.1.6)
      builder (~> 3.1)
    activerecord (4.1.6)
      activemodel (= 4.1.6)
      activesupport (= 4.1.6)
      arel (~> 5.0.0)
    activerecord-jdbc-adapter (1.3.11)
      activerecord (>= 2.2)
    activerecord-jdbcmysql-adapter (1.3.11)
      activerecord-jdbc-adapter (~> 1.3.11)
      jdbc-mysql (>= 5.1.22)
    activesupport (4.1.6)
      i18n (~> 0.6, >= 0.6.9)
      json (~> 1.7, >= 1.7.7)
      minitest (~> 5.1)
      thread_safe (~> 0.1)
      tzinfo (~> 1.1)
    arel (5.0.1.20140414130214)
    aws-sdk (1.57.0)
      aws-sdk-v1 (= 1.57.0)
    aws-sdk-v1 (1.57.0)
      json (~> 1.4)
      nokogiri (>= 1.4.4)
    bouncy-castle-java (1.5.0146.1)
    builder (3.2.2)
    celluloid (0.16.0)
      timers (~> 4.0.0)
    connection_pool (2.1.0)
    erubis (2.7.0)
    hitimes (1.2.2-java)
    httparty (0.13.1)
      json (~> 1.8)
      multi_xml (>= 0.5.2)
    i18n (0.6.11)
    jdbc-mysql (5.1.33)
    jruby-openssl (0.9.5-java)
    json (1.8.1-java)
    minitest (5.4.3)
    multi_xml (0.5.5)
    net-sftp (2.1.2)
      net-ssh (>= 2.6.5)
    net-ssh (2.9.1)
    nokogiri (1.6.3.1-java)
    rack (1.5.2)
    rack-test (0.6.2)
      rack (>= 1.0)
    rake (10.4.2)
    redis (3.2.0)
    redis-namespace (1.5.1)
      redis (~> 3.0, >= 3.0.4)
    rubyzip (1.1.6)
    sidekiq (3.3.0)
      celluloid (>= 0.16.0)
      connection_pool (>= 2.0.0)
      json
      redis (>= 3.0.6)
      redis-namespace (>= 1.3.1)
    terminal-table (1.4.5)
    thread_safe (0.3.4-java)
    timers (4.0.1)
      hitimes
    tzinfo (1.2.2)
      thread_safe (~> 0.1)

PLATFORMS
  java

DEPENDENCIES
  activerecord-jdbcmysql-adapter
  bundler (~> 1.7)
  demosidekiq!
  hailstorm!
  rake (~> 10.0)
  sidekiq
