PATH
  remote: .
  specs:
    hailstorm-redis (0.0.1)

GEM
  remote: https://rubygems.org/
  specs:
    activemodel (4.1.6)
      activesupport (= 4.1.6)
      builder (~> 3.1)
    activerecord (4.1.6)
      activemodel (= 4.1.6)
      activesupport (= 4.1.6)
      arel (~> 5.0.0)
    activerecord-jdbc-adapter (1.3.11)
      activerecord (>= 2.2)
    activerecord-jdbcmysql-adapter (1.3.11)
      activerecord-jdbc-adapter (~> 1.3.11)
      jdbc-mysql (>= 5.1.22)
    activesupport (4.1.6)
      i18n (~> 0.6, >= 0.6.9)
      json (~> 1.7, >= 1.7.7)
      minitest (~> 5.1)
      thread_safe (~> 0.1)
      tzinfo (~> 1.1)
    arel (5.0.1.20140414130214)
    builder (3.2.2)
    celluloid (0.16.0)
      timers (~> 4.0.0)
    connection_pool (2.1.1)
    hitimes (1.2.2-java)
    i18n (0.6.11)
    jdbc-mysql (5.1.33)
    json (1.8.2-java)
    minitest (5.5.1)
    rake (10.4.2)
    redis (3.2.0)
    redis-namespace (1.5.1)
      redis (~> 3.0, >= 3.0.4)
    sidekiq (3.3.1)
      celluloid (>= 0.16.0)
      connection_pool (>= 2.1.1)
      json
      redis (>= 3.0.6)
      redis-namespace (>= 1.3.1)
    thread_safe (0.3.4-java)
    timers (4.0.1)
      hitimes
    tzinfo (1.2.2)
      thread_safe (~> 0.1)

PLATFORMS
  java

DEPENDENCIES
  activerecord-jdbcmysql-adapter
  bundler (~> 1.7)
  hailstorm-redis!
  rake (~> 10.0)
  sidekiq
