PATH
  remote: .
  specs:
    hailstorm (4.0.0-java)
      actionpack (= 4.1.6)
      activerecord (= 4.1.6)
      activerecord-jdbc-adapter (= 1.3.11)
      aws-sdk (= 1.57.0)
      bouncy-castle-java (= 1.5.0146.1)
      httparty (= 0.13.1)
      i18n (= 0.6.11)
      jruby-openssl (= 0.9.5)
      net-sftp (= 2.1.2)
      net-ssh (= 2.9.1)
      nokogiri (~> 1.6.3.1)
      rubyzip (= 1.1.6)
      terminal-table (= 1.4.5)

GEM
  remote: https://rubygems.org/
  specs:
    actionpack (4.1.6)
      actionview (= 4.1.6)
      activesupport (= 4.1.6)
      rack (~> 1.5.2)
      rack-test (~> 0.6.2)
    actionview (4.1.6)
      activesupport (= 4.1.6)
      builder (~> 3.1)
      erubis (~> 2.7.0)
    activemodel (4.1.6)
      activesupport (= 4.1.6)
      builder (~> 3.1)
    activerecord (4.1.6)
      activemodel (= 4.1.6)
      activesupport (= 4.1.6)
      arel (~> 5.0.0)
    activerecord-jdbc-adapter (1.3.11)
      activerecord (>= 2.2)
    activerecord-jdbcmysql-adapter (1.3.11)
      activerecord-jdbc-adapter (~> 1.3.11)
      jdbc-mysql (>= 5.1.22)
    activerecord-jdbcsqlite3-adapter (1.3.11)
      activerecord-jdbc-adapter (~> 1.3.11)
      jdbc-sqlite3 (~> 3.7.2)
    activesupport (4.1.6)
      i18n (~> 0.6, >= 0.6.9)
      json (~> 1.7, >= 1.7.7)
      minitest (~> 5.1)
      thread_safe (~> 0.1)
      tzinfo (~> 1.1)
    arel (5.0.1.20140414130214)
    aws-sdk (1.57.0)
      aws-sdk-v1 (= 1.57.0)
    aws-sdk-v1 (1.57.0)
      json (~> 1.4)
      nokogiri (>= 1.4.4)
    bouncy-castle-java (1.5.0146.1)
    builder (3.2.2)
    cucumber (1.2.5)
      builder (>= 2.1.2)
      diff-lcs (>= 1.1.3)
      gherkin (~> 2.11.7)
      multi_json (~> 1.3)
    diff-lcs (1.2.5)
    erubis (2.7.0)
    gherkin (2.11.8-java)
      multi_json (~> 1.3)
    httparty (0.13.1)
      json (~> 1.8)
      multi_xml (>= 0.5.2)
    i18n (0.6.11)
    jdbc-mysql (5.1.33)
    jdbc-sqlite3 (3.7.2.1)
    jruby-openssl (0.9.5-java)
    json (1.8.2-java)
    minitest (5.5.1)
    multi_json (1.10.1)
    multi_xml (0.5.5)
    net-sftp (2.1.2)
      net-ssh (>= 2.6.5)
    net-ssh (2.9.1)
    nokogiri (1.6.3.1-java)
    rack (1.5.2)
    rack-test (0.6.3)
      rack (>= 1.0)
    rspec (2.13.0)
      rspec-core (~> 2.13.0)
      rspec-expectations (~> 2.13.0)
      rspec-mocks (~> 2.13.0)
    rspec-core (2.13.1)
    rspec-expectations (2.13.0)
      diff-lcs (>= 1.1.3, < 2.0)
    rspec-mocks (2.13.1)
    rubyzip (1.1.6)
    terminal-table (1.4.5)
    thread_safe (0.3.4-java)
    tzinfo (1.2.2)
      thread_safe (~> 0.1)

PLATFORMS
  java

DEPENDENCIES
  activerecord-jdbcmysql-adapter (= 1.3.11)
  activerecord-jdbcsqlite3-adapter (= 1.3.11)
  cucumber (~> 1.2.3)
  hailstorm!
  rspec (~> 2.13.0)

BUNDLED WITH
   1.15.2
